GIT
  remote: git://github.com/chatgris/jammit_lite.git
  revision: 17b1005e27e9939e67afaa0a781edf3bd6a1d2c7
  specs:
    jammit_lite (0.1.2)

GIT
  remote: git://github.com/igrigorik/em-synchrony.git
  revision: f59169c5c8f893336802f1de2970ee9dd8755158
  specs:
    em-synchrony (0.2.0)
      eventmachine (>= 0.12.9)

GIT
  remote: git://github.com/mongoid/mongoid.git
  revision: 5f5beefecd637b0fc021d84ebaaa9440b682dba5
  specs:
    mongoid (2.0.0.rc.3)
      activemodel (~> 3.0)
      mongo (~> 1.1.5)
      tzinfo (~> 0.3.22)
      will_paginate (~> 3.0.pre)

GEM
  remote: http://rubygems.org/
  specs:
    ClothRed (0.4.1)
    RedCloth (4.2.3)
    ZenTest (4.4.2)
    abstract (1.0.0)
    actionmailer (3.0.3)
      actionpack (= 3.0.3)
      mail (~> 2.2.9)
    actionpack (3.0.3)
      activemodel (= 3.0.3)
      activesupport (= 3.0.3)
      builder (~> 2.1.2)
      erubis (~> 2.6.6)
      i18n (~> 0.4)
      rack (~> 1.2.1)
      rack-mount (~> 0.6.13)
      rack-test (~> 0.5.6)
      tzinfo (~> 0.3.23)
    activemodel (3.0.3)
      activesupport (= 3.0.3)
      builder (~> 2.1.2)
      i18n (~> 0.4)
    activerecord (3.0.3)
      activemodel (= 3.0.3)
      activesupport (= 3.0.3)
      arel (~> 2.0.2)
      tzinfo (~> 0.3.23)
    activeresource (3.0.3)
      activemodel (= 3.0.3)
      activesupport (= 3.0.3)
    activesupport (3.0.3)
    addressable (2.2.2)
    arel (2.0.6)
    autotest (4.4.6)
      ZenTest (>= 4.4.1)
    bcrypt-ruby (2.1.4)
    bson (1.1.5)
    bson_ext (1.1.5)
    builder (2.1.2)
    carrierwave (0.5.1)
      activesupport (~> 3.0)
    closure-compiler (0.3.3)
    crack (0.1.8)
    daemons (1.1.0)
    dalli (1.0.1)
    devise (1.1.5)
      bcrypt-ruby (~> 2.1.2)
      warden (~> 1.0.2)
    diff-lcs (1.1.2)
    em-http-request (0.2.15)
      addressable (>= 2.0.0)
      eventmachine (>= 0.12.9)
    erubis (2.6.6)
      abstract (>= 1.0.0)
    eventmachine (1.0.0.beta.2)
    factory_girl (1.3.3)
    factory_girl_rails (1.0.1)
      factory_girl (~> 1.3)
      railties (>= 3.0.0)
    haml (3.0.25)
    i18n (0.5.0)
    jammit (0.5.4)
      closure-compiler (>= 0.1.0)
      yui-compressor (>= 0.9.1)
    json (1.4.6)
    mail (2.2.14)
      activesupport (>= 2.3.6)
      i18n (>= 0.4.0)
      mime-types (~> 1.16)
      treetop (~> 1.4.8)
    mime-types (1.16)
    mini_magick (3.2)
      subexec (~> 0.0.4)
    mongo (1.1.5)
      bson (>= 1.1.5)
    nokogiri (1.4.3.1)
    polyglot (0.3.1)
    pusher (0.7.0)
      crack (~> 0.1.0)
      json (~> 1.4.0)
      ruby-hmac (~> 0.4.0)
      signature (~> 0.1.2)
    rack (1.2.1)
    rack-fiber_pool (0.9.0)
    rack-mount (0.6.13)
      rack (>= 1.0.0)
    rack-test (0.5.7)
      rack (>= 1.0)
    rails (3.0.3)
      actionmailer (= 3.0.3)
      actionpack (= 3.0.3)
      activerecord (= 3.0.3)
      activeresource (= 3.0.3)
      activesupport (= 3.0.3)
      bundler (~> 1.0)
      railties (= 3.0.3)
    railties (3.0.3)
      actionpack (= 3.0.3)
      activesupport (= 3.0.3)
      rake (>= 0.8.7)
      thor (~> 0.14.4)
    rake (0.8.7)
    rbbcode (0.1.8)
      sanitize-url (>= 0.1.3)
    rcov (0.9.9)
    rspec (2.4.0)
      rspec-core (~> 2.4.0)
      rspec-expectations (~> 2.4.0)
      rspec-mocks (~> 2.4.0)
    rspec-core (2.4.0)
    rspec-expectations (2.4.0)
      diff-lcs (~> 1.1.2)
    rspec-mocks (2.4.0)
    rspec-rails (2.4.1)
      actionpack (~> 3.0)
      activesupport (~> 3.0)
      railties (~> 3.0)
      rspec (~> 2.4.0)
    ruby-hmac (0.4.0)
    sanitize-url (0.1.4)
    signature (0.1.2)
      ruby-hmac
    simple_form (1.3.0)
      rails (~> 3.0.0)
    stateflow (0.4.0)
    subexec (0.0.4)
    thin (1.2.7)
      daemons (>= 1.0.9)
      eventmachine (>= 0.12.6)
      rack (>= 1.0.0)
    thor (0.14.6)
    treetop (1.4.9)
      polyglot (>= 0.3.1)
    tzinfo (0.3.23)
    warden (1.0.3)
      rack (>= 1.0.0)
    will_paginate (3.0.pre2)
    yui-compressor (0.9.1)

PLATFORMS
  ruby

DEPENDENCIES
  ClothRed (~> 0.4.1)
  RedCloth (~> 4.2.3)
  autotest
  bson (= 1.1.5)
  bson_ext (= 1.1.5)
  carrierwave (~> 0.5.1)
  dalli (~> 1.0.0)
  devise (~> 1.1.5)
  em-http-request (= 0.2.15)
  em-synchrony!
  eventmachine (= 1.0.0.beta.2)
  factory_girl_rails (~> 1.0)
  haml (~> 3.0.24)
  jammit (~> 0.5.3)
  jammit_lite!
  mini_magick (~> 3.1)
  mongo (= 1.1.5)
  mongoid!
  nokogiri (~> 1.4.3.1)
  pusher (~> 0.7.0)
  rack-fiber_pool
  rails (~> 3.0.3)
  rbbcode (~> 0.1.8)
  rcov
  rspec-rails (~> 2.4.0)
  simple_form (~> 1.3.0)
  stateflow (~> 0.4.0)
  thin
